{
	"Modality": "MR",
	"MagneticFieldStrength": 3,
	"ImagingFrequency": 123.147,
	"Manufacturer": "Siemens",
	"ManufacturersModelName": "Skyra",
	"InstitutionName": "Donders Centre for Cognitive Neuroimaging",
	"InstitutionalDepartmentName": "Department",
	"InstitutionAddress": "Kapittelweg  29,Nijmegen,Gelderland,NL,6525 EN",
	"DeviceSerialNumber": "45416",
	"StationName": "SKYRA",
	"BodyPartExamined": "BRAIN",
	"PatientPosition": "HFS",
	"ProcedureStepDescription": "MR session 01",
	"SoftwareVersions": "syngo MR E11",
	"MRAcquisitionType": "3D",
	"SeriesDescription": "gre_headcast_largeFOV_T1w_DistortCorrect_ND",
	"ProtocolName": "gre_headcast_largeFOV_T1w_DistortCorrect",
	"ScanningSequence": "GR",
	"SequenceVariant": "SP",
	"SequenceName": "*fl3d1_ns",
	"ImageType": ["ORIGINAL", "PRIMARY", "M", "ND", "NORM"],
	"SeriesNumber": 3,
	"AcquisitionTime": "08:47:56.422500",
	"AcquisitionNumber": 1,
	"SliceThickness": 1,
	"SAR": 0.14893,
	"EchoTime": 0.00159,
	"RepetitionTime": 0.0045,
	"FlipAngle": 12,
	"PartialFourier": 1,
	"BaseResolution": 256,
	"ShimSetting": [
		5612,
		12988,
		31,
		-77,
		-167,
		222,
		105,
		-48	],
	"TxRefAmp": 341.046,
	"PhaseResolution": 1,
	"ReceiveCoilName": "Head_32",
	"ReceiveCoilActiveElements": "HEA;HEP",
	"PulseSequenceDetails": "%SiemensSeq%\\gre",
	"RefLinesPE": 48,
	"ConsistencyInfo": "N4_VE11C_LATEST_20160120",
	"PercentPhaseFOV": 100,
	"PercentSampling": 100,
	"PhaseEncodingSteps": 255,
	"AcquisitionMatrixPE": 256,
	"ReconMatrixPE": 256,
	"ParallelReductionFactorInPlane": 2,
	"PixelBandwidth": 515,
	"DwellTime": 3.8e-06,
	"ImageOrientationPatientDICOM": [
		0,
		1,
		0,
		0.0191974,
		0,
		-0.999816	],
	"InPlanePhaseEncodingDirectionDICOM": "ROW",
	"ConversionSoftware": "freesurfer, fieldtrip",
	"ConversionSoftwareVersion": ""
}
